GEM
  remote: https://rubygems.org/
  specs:
    mini_portile (0.6.2)
    net-http-persistent (2.9.4)
    netrc (0.10.3)
    nokogiri (1.6.6.2)
      mini_portile (~> 0.6.0)
    rest (3.0.6)
      net-http-persistent (>= 2.9.1)
      netrc

PLATFORMS
  ruby

DEPENDENCIES
  nokogiri
  rest

BUNDLED WITH
   1.10.3
